ObjectType = Image
NDims = 3
BinaryData = True
BinaryDataByteOrderMSB = False
CompressedData = False
TransformMatrix = 1 0 0 0 1 0 0 0 1
Offset = -19.1250 -40.3131 -29.2288
CenterOfRotation = 0 0 0
ElementSpacing = 0.2500 0.2500 0.2500
DimSize = 382 507 203
AnatomicalOrientation = ???
ElementType = MET_UCHAR
ObjectType = Image
ElementDataFile = pc_120_cropped.raw
